PATH
  remote: .
  specs:
    fix-protocol (0.0.1)
      treetop

GEM
  remote: https://rubygems.org/
  specs:
    coderay (1.1.0)
    diff-lcs (1.2.4)
    docile (1.1.3)
    method_source (0.8.2)
    multi_json (1.9.0)
    polyglot (0.3.4)
    pry (0.9.12.6)
      coderay (~> 1.0)
      method_source (~> 0.8)
      slop (~> 3.4)
    redcarpet (3.0.0)
    rspec (2.14.1)
      rspec-core (~> 2.14.0)
      rspec-expectations (~> 2.14.0)
      rspec-mocks (~> 2.14.0)
    rspec-core (2.14.7)
    rspec-expectations (2.14.3)
      diff-lcs (>= 1.1.3, < 2.0)
    rspec-mocks (2.14.4)
    simplecov (0.8.2)
      docile (~> 1.1.0)
      multi_json
      simplecov-html (~> 0.8.0)
    simplecov-html (0.8.0)
    slop (3.5.0)
    treetop (1.4.15)
      polyglot
      polyglot (>= 0.3.1)
    yard (0.8.7.3)

PLATFORMS
  ruby

DEPENDENCIES
  fix-protocol!
  pry
  redcarpet
  rspec
  simplecov
  yard
